PATH
  remote: .
  specs:
    hash_digger (0.0.2)
      activesupport (> 3.0.1)
      ruby-try (~> 1.1)

GEM
  remote: https://rubygems.org/
  specs:
    activesupport (5.2.2)
      concurrent-ruby (~> 1.0, >= 1.0.2)
      i18n (>= 0.7, < 2)
      minitest (~> 5.1)
      tzinfo (~> 1.1)
    ansi (1.5.0)
    awesome_print (1.8.0)
    builder (3.2.3)
    byebug (10.0.2)
    colorize (0.8.1)
    concurrent-ruby (1.1.4)
    i18n (1.2.0)
      concurrent-ruby (~> 1.0)
    letters (0.4.1)
      activesupport
      awesome_print
      colorize
      xml-simple
    m (1.5.1)
      method_source (>= 0.6.7)
      rake (>= 0.9.2.2)
    method_source (0.9.2)
    minitest (5.11.3)
    minitest-reporters (1.3.5)
      ansi
      builder
      minitest (>= 5.0)
      ruby-progressbar
    rake (10.5.0)
    ruby-progressbar (1.10.0)
    ruby-try (1.1.1)
    thread_safe (0.3.6)
    tzinfo (1.2.5)
      thread_safe (~> 0.1)
    xml-simple (1.1.5)

PLATFORMS
  ruby
  x86_64-darwin-17

DEPENDENCIES
  awesome_print (~> 1.8)
  bundler (~> 1.17)
  byebug (~> 10.0)
  hash_digger!
  letters (~> 0.4)
  m (~> 1.5)
  minitest (~> 5.11)
  minitest-reporters (~> 1.3)
  rake (~> 10.0)

BUNDLED WITH
   1.17.1
